PATH
  remote: .
  specs:
    ombu_labs-shortener (0.1.0)
      rebrandly

GEM
  remote: https://rubygems.org/
  specs:
    byebug (11.1.3)
    diff-lcs (1.5.0)
    httparty (0.21.0)
      mini_mime (>= 1.0.0)
      multi_xml (>= 0.5.2)
    mini_mime (1.1.2)
    multi_xml (0.6.0)
    rake (13.0.6)
    rebrandly (0.1.5)
      httparty (~> 0.14)
    rspec (3.11.0)
      rspec-core (~> 3.11.0)
      rspec-expectations (~> 3.11.0)
      rspec-mocks (~> 3.11.0)
    rspec-core (3.11.0)
      rspec-support (~> 3.11.0)
    rspec-expectations (3.11.0)
      diff-lcs (>= 1.2.0, < 2.0)
      rspec-support (~> 3.11.0)
    rspec-mocks (3.11.1)
      diff-lcs (>= 1.2.0, < 2.0)
      rspec-support (~> 3.11.0)
    rspec-support (3.11.0)

PLATFORMS
  x86_64-darwin-19
  x86_64-linux

DEPENDENCIES
  byebug
  ombu_labs-shortener!
  rake (~> 13.0)
  rspec (~> 3.0)

BUNDLED WITH
   2.3.26
